GEM
  remote: http://rubygems.org/
  specs:
    anyplayer (0.0.2)
    daemons (1.1.3)
    eventmachine (0.12.10)
    haml (3.1.1)
    json (1.5.1)
    rack (1.2.2)
    sinatra (1.2.6)
      rack (~> 1.1)
      tilt (>= 1.2.2, < 2.0)
    thin (1.2.11)
      daemons (>= 1.0.9)
      eventmachine (>= 0.12.6)
      rack (>= 1.0.0)
    tilt (1.3)
    xml-simple (1.0.15)

PLATFORMS
  ruby

DEPENDENCIES
  anyplayer (~> 0.0.2)
  haml
  json
  sinatra
  thin
  xml-simple
